PATH
  remote: .
  specs:
    jira-slurper (1.3)
      configliere (~> 0.4.8)
      faraday (~> 0.8.8)

GEM
  remote: https://rubygems.org/
  specs:
    configliere (0.4.18)
      highline (>= 1.5.2)
      multi_json (>= 1.1)
    diff-lcs (1.2.5)
    faraday (0.8.8)
      multipart-post (~> 1.2.0)
    highline (1.6.20)
    multi_json (1.8.2)
    multipart-post (1.2.0)
    rspec (2.14.1)
      rspec-core (~> 2.14.0)
      rspec-expectations (~> 2.14.0)
      rspec-mocks (~> 2.14.0)
    rspec-core (2.14.7)
    rspec-expectations (2.14.4)
      diff-lcs (>= 1.1.3, < 2.0)
    rspec-mocks (2.14.4)

PLATFORMS
  ruby

DEPENDENCIES
  jira-slurper!
  rspec (~> 2.14.0)
